GEM
  remote: http://rubygems.org/
  specs:
    m3u8 (0.6.1)
    rack (1.6.4)
    rack-protection (1.5.3)
      rack
    sinatra (1.4.6)
      rack (~> 1.4)
      rack-protection (~> 1.4)
      tilt (>= 1.3, < 3)
    tilt (2.0.1)

PLATFORMS
  ruby
  x64-mingw32

DEPENDENCIES
  m3u8
  rack
  sinatra

BUNDLED WITH
   1.11.2
